GEM
  remote: http://localhost:9292/
  specs:
    my_gem (0.1.0)
    nio4r (2.5.8)
    puma (5.6.4)
      nio4r (~> 2.0)

PLATFORMS
  x86_64-linux

DEPENDENCIES
  my_gem
  puma

BUNDLED WITH
   2.3.7
